PATH
  remote: .
  specs:
    adyen_router (0.2.0)
      sinatra
      thin

GEM
  remote: https://rubygems.org/
  specs:
    daemons (1.2.2)
    eventmachine (1.0.5)
    rack (1.6.1)
    rack-protection (1.5.3)
      rack
    rake (10.4.2)
    sinatra (1.4.6)
      rack (~> 1.4)
      rack-protection (~> 1.4)
      tilt (>= 1.3, < 3)
    thin (1.5.1)
      daemons (>= 1.0.9)
      eventmachine (>= 0.12.6)
      rack (>= 1.0.0)
    tilt (2.0.1)

PLATFORMS
  ruby

DEPENDENCIES
  adyen_router!
  bundler (~> 1.6)
  rake
